PATH
  remote: .
  specs:
    hoptoad_webhooks (0.0.1.a)
      json
      rack-client
      sinatra

PATH
  remote: heroku_keepalive
  specs:
    heroku_keepalive (0.0.1.a)

PATH
  remote: psychomail
  specs:
    psychomail (0.0.1.a)
      imap_processor (= 1.3)

GEM
  remote: http://rubygems.org/
  specs:
    imap_processor (1.3)
    json (1.4.6)
    rack (1.2.1)
    rack-client (0.3.0)
      rack (>= 1.0.0)
    sinatra (1.0)
      rack (>= 1.0)

PLATFORMS
  ruby

DEPENDENCIES
  heroku_keepalive!
  hoptoad_webhooks!
  psychomail!
